GIT
  remote: git://github.com/kmussel/carrierwave-oriented.git
  revision: df4f29cc880398756a85be46ecda4955ebed6f41
  branch: master
  specs:
    carrierwave-oriented (0.0.1-java)
      carrierwave (~> 0.10.0)
      oriented (~> 0.0.1)

GIT
  remote: git://github.com/kmussel/orientdb-jruby.git
  revision: 33b30c754fd2f12dafaf6e3ba5d1b8c4dcec94bd
  branch: 2.0.0
  specs:
    orientdb (2.0.0-java)

GIT
  remote: git://github.com/kmussel/oriented.git
  revision: 8d8a75adac030d11bdfe026936c985d9210c99e1
  branch: master
  specs:
    oriented (0.0.1-java)
      activemodel
      activesupport
      orientdb

GIT
  remote: git://github.com/kmussel/roar-sinatra.git
  revision: 0885439780cc60442cb946bb987effd550f127e9
  branch: roar_decorator
  specs:
    roar-sinatra (0.0.2)
      roar
      sinatra
      sinatra-contrib

GEM
  remote: https://rubygems.org/
  specs:
    activemodel (4.1.7)
      activesupport (= 4.1.7)
      builder (~> 3.1)
    activesupport (4.1.7)
      i18n (~> 0.6, >= 0.6.9)
      json (~> 1.7, >= 1.7.7)
      minitest (~> 5.1)
      thread_safe (~> 0.1)
      tzinfo (~> 1.1)
    addressable (2.3.6)
    aws-sdk (1.59.0)
      aws-sdk-v1 (= 1.59.0)
    aws-sdk-v1 (1.59.0)
      json (~> 1.4)
      nokogiri (>= 1.4.4)
    backports (3.6.4)
    bcrypt (3.1.9-java)
    bcrypt-ruby (3.1.5-java)
      bcrypt (>= 3.1.3)
    blankslate (2.1.2.4)
    builder (3.2.2)
    capistrano (2.15.5)
      highline
      net-scp (>= 1.0.0)
      net-sftp (>= 2.0.0)
      net-ssh (>= 2.0.14)
      net-ssh-gateway (>= 1.1.0)
    carrierwave (0.10.0)
      activemodel (>= 3.2.0)
      activesupport (>= 3.2.0)
      json (>= 1.7)
      mime-types (>= 1.16)
    data_mapper (1.2.0)
      dm-aggregates (~> 1.2.0)
      dm-constraints (~> 1.2.0)
      dm-core (~> 1.2.0)
      dm-migrations (~> 1.2.0)
      dm-serializer (~> 1.2.0)
      dm-timestamps (~> 1.2.0)
      dm-transactions (~> 1.2.0)
      dm-types (~> 1.2.0)
      dm-validations (~> 1.2.0)
    data_objects (0.10.14)
      addressable (~> 2.1)
    dm-aggregates (1.2.0)
      dm-core (~> 1.2.0)
    dm-constraints (1.2.0)
      dm-core (~> 1.2.0)
    dm-core (1.2.1)
      addressable (~> 2.3)
    dm-do-adapter (1.2.0)
      data_objects (~> 0.10.6)
      dm-core (~> 1.2.0)
    dm-migrations (1.2.0)
      dm-core (~> 1.2.0)
    dm-postgres-adapter (1.2.0)
      dm-do-adapter (~> 1.2.0)
      do_postgres (~> 0.10.6)
    dm-serializer (1.2.2)
      dm-core (~> 1.2.0)
      fastercsv (~> 1.5)
      json (~> 1.6)
      json_pure (~> 1.6)
      multi_json (~> 1.0)
    dm-timestamps (1.2.0)
      dm-core (~> 1.2.0)
    dm-transactions (1.2.0)
      dm-core (~> 1.2.0)
    dm-types (1.2.2)
      bcrypt-ruby (~> 3.0)
      dm-core (~> 1.2.0)
      fastercsv (~> 1.5)
      json (~> 1.6)
      multi_json (~> 1.0)
      stringex (~> 1.4)
      uuidtools (~> 2.1)
    dm-validations (1.2.0)
      dm-core (~> 1.2.0)
    do_jdbc (0.10.14-java)
      data_objects (= 0.10.14)
    do_postgres (0.10.14-java)
      data_objects (= 0.10.14)
      do_jdbc (= 0.10.14)
      jdbc-postgres (>= 8.2)
    edn (1.0.0)
      parslet (~> 1.4.0)
    effin_utf8 (1.0)
    excon (0.40.0)
    faraday (0.9.0)
      multipart-post (>= 1.2, < 3)
    faraday_middleware (0.9.1)
      faraday (>= 0.7.4, < 0.10)
    fastercsv (1.5.5)
    fog (1.24.0)
      fog-brightbox
      fog-core (~> 1.23)
      fog-json
      fog-radosgw (>= 0.0.2)
      fog-sakuracloud (>= 0.0.4)
      fog-softlayer
      ipaddress (~> 0.5)
      nokogiri (~> 1.5, >= 1.5.11)
    fog-brightbox (0.6.1)
      fog-core (~> 1.22)
      fog-json
      inflecto
    fog-core (1.24.0)
      builder
      excon (~> 0.38)
      formatador (~> 0.2)
      mime-types
      net-scp (~> 1.1)
      net-ssh (>= 2.1.3)
    fog-json (1.0.0)
      multi_json (~> 1.0)
    fog-radosgw (0.0.3)
      fog-core (>= 1.21.0)
      fog-json
      fog-xml (>= 0.0.1)
    fog-sakuracloud (0.1.1)
      fog-core
      fog-json
    fog-softlayer (0.3.22)
      fog-core
      fog-json
    fog-xml (0.1.0)
      fog-core
      nokogiri (~> 1.5, >= 1.5.11)
    formatador (0.2.5)
    hashie (2.0.5)
    highline (1.6.21)
    hooks (0.4.0)
      uber (~> 0.0.4)
    i18n (0.6.11)
    inflecto (0.0.2)
    ipaddress (0.8.0)
    jdbc-postgres (9.3.1102)
    json (1.8.1-java)
    json_pure (1.8.1)
    march_hare (2.4.0-java)
    mime-types (2.4.3)
    minitest (5.4.3)
    multi_json (1.8.4)
    multipart-post (2.0.0)
    net-scp (1.2.1)
      net-ssh (>= 2.6.5)
    net-sftp (2.1.2)
      net-ssh (>= 2.6.5)
    net-ssh (2.9.1)
    net-ssh-gateway (1.2.0)
      net-ssh (>= 2.6.5)
    nokogiri (1.5.11-java)
    parslet (1.4.0)
      blankslate (~> 2.0)
    rabbitmq_http_api_client (1.3.0)
      effin_utf8 (~> 1.0.0)
      faraday (~> 0.9.0)
      faraday_middleware (~> 0.9.0)
      hashie (~> 2.0.5)
      multi_json (~> 1.8.4)
    rack (1.5.2)
    rack-protection (1.5.3)
      rack
    rack-test (0.6.2)
      rack (>= 1.0)
    rake (10.1.1)
    representable (1.8.5)
      multi_json
      nokogiri
      uber
    rmagick4j (0.3.8)
    roar (0.12.9)
      representable (>= 1.6.0, < 2.0.0)
    settingslogic (2.0.9)
    sinatra (1.4.5)
      rack (~> 1.4)
      rack-protection (~> 1.4)
      tilt (~> 1.3, >= 1.3.4)
    sinatra-contrib (1.4.2)
      backports (>= 2.0)
      multi_json
      rack-protection
      rack-test
      sinatra (~> 1.4.0)
      tilt (~> 1.3)
    stringex (1.5.1)
    thor (0.19.1)
    thread_safe (0.3.4-java)
    tilt (1.4.1)
    torquebox (3.1.1)
      thor (>= 0.14.6)
      torquebox-cache (= 3.1.1)
      torquebox-configure (= 3.1.1)
      torquebox-core (= 3.1.1)
      torquebox-messaging (= 3.1.1)
      torquebox-naming (= 3.1.1)
      torquebox-rake-support (= 3.1.1)
      torquebox-security (= 3.1.1)
      torquebox-stomp (= 3.1.1)
      torquebox-transactions (= 3.1.1)
      torquebox-web (= 3.1.1)
    torquebox-cache (3.1.1-java)
      torquebox-core (= 3.1.1)
      torquebox-transactions (= 3.1.1)
    torquebox-capistrano-support (3.1.1)
    torquebox-configure (3.1.1-java)
      blankslate (= 2.1.2.4)
    torquebox-core (3.1.1-java)
      edn (= 1.0.0)
    torquebox-messaging (3.1.1-java)
      torquebox-core (= 3.1.1)
      torquebox-transactions (= 3.1.1)
    torquebox-naming (3.1.1-java)
      torquebox-core (= 3.1.1)
    torquebox-rake-support (3.1.1)
      rake (= 10.1.1)
    torquebox-security (3.1.1-java)
      torquebox-core (= 3.1.1)
    torquebox-server (3.1.1-java)
      torquebox (= 3.1.1)
    torquebox-stomp (3.1.1)
      torquebox-core (= 3.1.1)
      torquebox-messaging (= 3.1.1)
    torquebox-transactions (3.1.1)
      torquebox-core (= 3.1.1)
    torquebox-web (3.1.1-java)
    tzinfo (1.2.2)
      thread_safe (~> 0.1)
    uber (0.0.11)
    uuidtools (2.1.5)

PLATFORMS
  java

DEPENDENCIES
  activemodel
  aws-sdk
  capistrano (~> 2.15.5)
  carrierwave
  carrierwave-oriented!
  data_mapper
  dm-postgres-adapter
  dm-types
  faraday
  fog
  hooks
  march_hare (~> 2.4.0)
  nokogiri (= 1.5.11)
  orientdb!
  oriented!
  rabbitmq_http_api_client
  rack
  rake
  rmagick4j
  roar-sinatra!
  settingslogic
  sinatra (~> 1.4.3)
  sinatra-contrib
  thor
  torquebox (~> 3.1.1)
  torquebox-capistrano-support (~> 3.1.1)
  torquebox-configure
  torquebox-messaging
  torquebox-rake-support (~> 3.1.1)
  torquebox-server (~> 3.1.1)
  uuidtools
